GEM
  specs:
    rake (10.2.2)

PLATFORMS
  ruby

DEPENDENCIES
  rake (>= 10.1.0)
